REDIRECTS: FORCE
STRATEGY: MIN
RESTRICTION: == net471
NUGET
  remote: https://api.nuget.org/v3/index.json
    Antlr3.Runtime (3.5.1)
    ApprovalTests (5.4.4)
      ApprovalUtilities (>= 5.4.4)
      DiffEngine (>= 6.4)
      EmptyFiles (>= 2.3)
      Microsoft.Win32.Registry (>= 5.0)
      TextCopy (>= 4.2)
    ApprovalUtilities (5.4.4)
      System.Data.SqlClient (>= 4.8.2)
      System.Management (>= 5.0)
    DiffEngine (6.4)
      EmptyFiles (>= 2.3)
      Microsoft.Bcl.AsyncInterfaces (>= 5.0)
      System.Runtime.InteropServices.RuntimeInformation (>= 4.3)
    EmptyFiles (2.3)
    FAKE (4.64.18)
    FluentNHibernate (2.1.2)
      NHibernate (>= 5.1.1)
    FSharp.Core (5.0)
    Iesi.Collections (4.0.4)
    log4net (2.0.8)
    Microsoft.Bcl.AsyncInterfaces (5.0)
      System.Threading.Tasks.Extensions (>= 4.5.4)
    Microsoft.Build.Framework (16.0.461)
      System.Runtime.Serialization.Primitives (>= 4.1.1)
      System.Threading.Thread (>= 4.0)
    Microsoft.Extensions.DependencyInjection.Abstractions (3.1.4)
    Microsoft.Win32.Registry (5.0)
      System.Security.AccessControl (>= 5.0)
      System.Security.Principal.Windows (>= 5.0)
    Newtonsoft.Json (12.0.2)
    NHibernate (5.2.5)
      Antlr3.Runtime (>= 3.5.1 < 4.0)
      Iesi.Collections (>= 4.0.4 < 5.0)
      Remotion.Linq (>= 2.2 < 3.0)
      Remotion.Linq.EagerFetching (>= 2.2 < 3.0)
    Nuget.CommandLine (2.8.3)
    NUnit (3.12)
    NUnit.Console (3.11.1)
      NUnit.ConsoleRunner (>= 3.11.1)
      NUnit.Extension.NUnitProjectLoader (>= 3.6)
      NUnit.Extension.NUnitV2Driver (>= 3.8)
      NUnit.Extension.NUnitV2ResultWriter (>= 3.6)
      NUnit.Extension.TeamCityEventListener (>= 1.0.7)
      NUnit.Extension.VSProjectLoader (>= 3.8)
    NUnit.ConsoleRunner (3.11.1)
    NUnit.Extension.NUnitProjectLoader (3.6)
    NUnit.Extension.NUnitV2Driver (3.8)
    NUnit.Extension.NUnitV2ResultWriter (3.6)
    NUnit.Extension.TeamCityEventListener (1.0.7)
    NUnit.Extension.VSProjectLoader (3.8)
    OctoPack (3.6.5)
    Polly (7.1)
    Remotion.Linq (2.2)
    Remotion.Linq.EagerFetching (2.2)
      Remotion.Linq (>= 2.2)
    RhinoMocks (3.6.1)
    roundhouse.core (1.2.3)
      FluentNHibernate (>= 2.1.2)
      Iesi.Collections (>= 4.0.4)
      log4net (>= 2.0.8)
      Microsoft.Build.Framework (>= 16.0.461)
      Newtonsoft.Json (>= 12.0.2)
      NHibernate (>= 5.2.5)
      Polly (>= 7.1)
      System.Data.Common (>= 4.3)
      System.Data.SqlClient (>= 4.6.1)
      System.Security.Principal.Windows (>= 4.5.1)
      System.ValueTuple (>= 4.5)
    roundhouse.sqlserver (1.2.3)
      Polly (>= 7.1)
      roundhouse.core (>= 1.2.3)
      System.Data.SqlClient (>= 4.6.1)
    System.Data.Common (4.3)
    System.Data.SqlClient (4.8.2)
    System.Management (5.0)
    System.Runtime.CompilerServices.Unsafe (4.5.3)
    System.Runtime.InteropServices.RuntimeInformation (4.3)
    System.Runtime.Serialization.Primitives (4.1.1)
    System.Security.AccessControl (5.0)
      System.Security.Principal.Windows (>= 5.0)
    System.Security.Principal.Windows (5.0)
    System.Threading.Tasks.Extensions (4.5.4)
      System.Runtime.CompilerServices.Unsafe (>= 4.5.3)
    System.Threading.Thread (4.0)
    System.ValueTuple (4.5)
    TextCopy (4.2)
      Microsoft.Extensions.DependencyInjection.Abstractions (>= 3.1.4)
      System.Runtime.InteropServices.RuntimeInformation (>= 4.3)
GITHUB
  remote: 15below/Build.Tools
    FULLPROJECT (929094dede31c56afa3f982a344e6702c3ceb9b2)
      Fake (>= 4.0 < 5.0)
      Nuget.CommandLine (2.8.3)
      NUnit.Console
      OctoPack