REDIRECTS: FORCE
RESTRICTION: == net47
NUGET
  remote: https://www.nuget.org/api/v2
    Antlr3.Runtime (3.5.1)
    FAKE (4.64.14)
    FluentNHibernate (2.1.2)
      NHibernate (>= 5.1.1)
    FSharp.Core (4.6.1)
    Iesi.Collections (4.0.4)
    log4net (2.0.3)
    Microsoft.SqlServer.Compact (4.0.8876.1)
    Newtonsoft.Json (12.0.1)
    NHibernate (5.1.3)
      Antlr3.Runtime (>= 3.5.1 < 4.0)
      Iesi.Collections (>= 4.0.4 < 5.0)
      Remotion.Linq (>= 2.1.2 < 3.0)
      Remotion.Linq.EagerFetching (>= 2.1 < 3.0)
    NHibernate.JetDriver (2.0.0.1002)
      log4net (>= 2.0.3)
      NHibernate (>= 4.0.0.4000)
    Npgsql (3.2.7)
      System.Threading.Tasks.Extensions (>= 4.3)
    NuGet.CommandLine (2.8.3)
    NUnit (3.11)
    NUnit.Console (3.9)
      NUnit.ConsoleRunner (>= 3.9)
      NUnit.Extension.NUnitProjectLoader (>= 3.5)
      NUnit.Extension.NUnitV2Driver (>= 3.6)
      NUnit.Extension.NUnitV2ResultWriter (>= 3.5)
      NUnit.Extension.TeamCityEventListener (>= 1.0.3)
      NUnit.Extension.VSProjectLoader (>= 3.8)
    NUnit.ConsoleRunner (3.9)
    NUnit.Extension.NUnitProjectLoader (3.6)
    NUnit.Extension.NUnitV2Driver (3.7)
    NUnit.Extension.NUnitV2ResultWriter (3.6)
    NUnit.Extension.TeamCityEventListener (1.0.5)
    NUnit.Extension.VSProjectLoader (3.8)
    OctoPack (3.6.4)
    Remotion.Linq (2.1.2)
    Remotion.Linq.EagerFetching (2.1)
      Remotion.Linq (>= 2.1.2)
    RhinoMocks (3.6.1)
    roundhouse.lib (1.0.3)
      FluentNHibernate (>= 2.1.2)
      Iesi.Collections (>= 4.0.4)
      Microsoft.SqlServer.Compact (>= 4.0.8876.1)
      NHibernate (>= 5.1.3)
      NHibernate.JetDriver (>= 2.0.0.1002)
      Npgsql (>= 3.2.7)
      System.Data.SQLite.Core (>= 1.0.109.2)
    System.Data.SQLite.Core (1.0.109.2)
    System.Threading.Tasks.Extensions (4.3)
GITHUB
  remote: 15below/Build.Tools
    FULLPROJECT (929094dede31c56afa3f982a344e6702c3ceb9b2)
      Fake (>= 4.0 < 5.0)
      Nuget.CommandLine (2.8.3)
      NUnit.Console
      OctoPack