REDIRECTS: FORCE
STRATEGY: MIN
RESTRICTION: == net47
NUGET
  remote: https://www.nuget.org/api/v2
    EnterpriseLibrary.TransientFaultHandling (6.0.1304)
    EnterpriseLibrary.TransientFaultHandling.Data (6.0.1304.1)
      EnterpriseLibrary.TransientFaultHandling (>= 6.0)
    EntityFramework (6.2)
    FAKE (4.64.13)
    FluentNHibernate (1.3.0.717)
      NHibernate (>= 3.2.0.4000)
    FSharp.Core (4.5.2)
    Iesi.Collections (3.3.2.4000)
    log4net (2.0)
    Microsoft.SqlServer.Compact (4.0.8876.1)
    Newtonsoft.Json (11.0.2)
    NHibernate (3.3.2.4000)
      Iesi.Collections (>= 3.2 < 4.0)
    NHibernate.JetDriver (2.0.0.1001)
      Iesi.Collections (>= 3.3.2.4000)
      log4net (>= 2.0)
      NHibernate (>= 3.3.2.4000)
    Npgsql (3.1.1)
    NuGet.CommandLine (2.8.3)
    NUnit (3.10.1)
    NUnit.Console (3.9)
      NUnit.ConsoleRunner (>= 3.9)
      NUnit.Extension.NUnitProjectLoader (>= 3.5)
      NUnit.Extension.NUnitV2Driver (>= 3.6)
      NUnit.Extension.NUnitV2ResultWriter (>= 3.5)
      NUnit.Extension.TeamCityEventListener (>= 1.0.3)
      NUnit.Extension.VSProjectLoader (>= 3.8)
    NUnit.ConsoleRunner (3.9)
    NUnit.Extension.NUnitProjectLoader (3.6)
    NUnit.Extension.NUnitV2Driver (3.7)
    NUnit.Extension.NUnitV2ResultWriter (3.6)
    NUnit.Extension.TeamCityEventListener (1.0.4)
    NUnit.Extension.VSProjectLoader (3.8)
    OctoPack (3.6.3)
    RhinoMocks (3.6.1)
    structuremap (4.5.1)
      System.Reflection.Emit.Lightweight (>= 4.3)
    System.Data.SQLite (1.0.109.1)
      System.Data.SQLite.Core (>= 1.0.109.1)
      System.Data.SQLite.EF6 (>= 1.0.109)
      System.Data.SQLite.Linq (>= 1.0.109)
    System.Data.SQLite.Core (1.0.109.1)
    System.Data.SQLite.EF6 (1.0.109)
      EntityFramework (>= 6.2)
    System.Data.SQLite.Linq (1.0.109)
    System.Reflection.Emit.Lightweight (4.3)
  remote: temp-packages
    roundhouse.lib (0.9.2-rc.1)
      EnterpriseLibrary.TransientFaultHandling (>= 6.0.1304)
      EnterpriseLibrary.TransientFaultHandling.Data (>= 6.0.1304.1)
      FluentNHibernate (>= 1.3)
      Iesi.Collections (>= 3.3.2.4000)
      Microsoft.SqlServer.Compact (>= 4.0.8876.1)
      NHibernate (>= 3.3.2.4000)
      NHibernate.JetDriver (>= 2.0)
      Npgsql (>= 3.1.1)
      structuremap (>= 4.5.1)
      System.Data.SQLite (>= 1.0.105.2)
GITHUB
  remote: 15below/Build.Tools
    FULLPROJECT (929094dede31c56afa3f982a344e6702c3ceb9b2)
      Fake (>= 4.0 < 5.0)
      Nuget.CommandLine (2.8.3)
      NUnit.Console
      OctoPack