REDIRECTS: FORCE
RESTRICTION: == net471
NUGET
  remote: https://www.nuget.org/api/v2
    Antlr3.Runtime (3.5.1)
    ApprovalTests (4.2.2)
      ApprovalUtilities (>= 4.2.2)
      Microsoft.Win32.Registry (>= 4.5)
      System.Drawing.Common (>= 4.5.1)
      TextCopy (>= 1.7.1)
    ApprovalUtilities (4.2.2)
      System.Data.SqlClient (>= 4.6.1)
      System.Management (>= 4.5)
    FAKE (4.64.17)
    FluentNHibernate (2.1.2)
      NHibernate (>= 5.1.1)
    FSharp.Core (4.7)
    Iesi.Collections (4.0.4)
    log4net (2.0.8)
    Microsoft.Build.Framework (16.3)
      System.Runtime.Serialization.Primitives (>= 4.1.1)
      System.Threading.Thread (>= 4.0)
    Microsoft.Win32.Registry (4.6)
      System.Security.AccessControl (>= 4.6)
      System.Security.Principal.Windows (>= 4.6)
    Newtonsoft.Json (12.0.2)
    NHibernate (5.2.6)
      Antlr3.Runtime (>= 3.5.1 < 4.0)
      Iesi.Collections (>= 4.0.4 < 5.0)
      Remotion.Linq (>= 2.2 < 3.0)
      Remotion.Linq.EagerFetching (>= 2.2 < 3.0)
    NuGet.CommandLine (2.8.3)
    NUnit (3.12)
    NUnit.Console (3.10)
      NUnit.ConsoleRunner (>= 3.10)
      NUnit.Extension.NUnitProjectLoader (>= 3.6)
      NUnit.Extension.NUnitV2Driver (>= 3.7)
      NUnit.Extension.NUnitV2ResultWriter (>= 3.6)
      NUnit.Extension.TeamCityEventListener (>= 1.0.6)
      NUnit.Extension.VSProjectLoader (>= 3.8)
    NUnit.ConsoleRunner (3.10)
    NUnit.Extension.NUnitProjectLoader (3.6)
    NUnit.Extension.NUnitV2Driver (3.7)
    NUnit.Extension.NUnitV2ResultWriter (3.6)
    NUnit.Extension.TeamCityEventListener (1.0.7)
    NUnit.Extension.VSProjectLoader (3.8)
    OctoPack (3.6.4)
    Polly (7.1.1)
    Remotion.Linq (2.2)
    Remotion.Linq.EagerFetching (2.2)
      Remotion.Linq (>= 2.2)
    RhinoMocks (3.6.1)
    roundhouse.core (1.2)
      FluentNHibernate (>= 2.1.2)
      Iesi.Collections (>= 4.0.4)
      log4net (>= 2.0.8)
      Microsoft.Build.Framework (>= 16.0.461)
      Newtonsoft.Json (>= 12.0.2)
      NHibernate (>= 5.2.5)
      Polly (>= 7.1)
      System.Data.Common (>= 4.3)
      System.Data.SqlClient (>= 4.6.1)
      System.Security.Principal.Windows (>= 4.5.1)
    roundhouse.sqlserver (1.2)
      Polly (>= 7.1)
      roundhouse.core (>= 1.2)
      System.Data.SqlClient (>= 4.6.1)
    System.Data.Common (4.3)
    System.Data.SqlClient (4.7)
    System.Drawing.Common (4.6)
    System.Management (4.6)
    System.Runtime.Serialization.Primitives (4.3)
    System.Security.AccessControl (4.6)
      System.Security.Principal.Windows (>= 4.6)
    System.Security.Principal.Windows (4.6)
    System.Threading.Thread (4.3)
    System.ValueTuple (4.5)
    TextCopy (1.7.1)
GITHUB
  remote: 15below/Build.Tools
    FULLPROJECT (929094dede31c56afa3f982a344e6702c3ceb9b2)
      Fake (>= 4.0 < 5.0)
      Nuget.CommandLine (2.8.3)
      NUnit.Console
      OctoPack