REDIRECTS: ON
RESTRICTION: == net40
NUGET
  remote: https://www.nuget.org/api/v2
    FAKE (4.63.2)
    Newtonsoft.Json (10.0.3)
    NuGet.CommandLine (2.8.3)
    NUnit (3.8.1)
    NUnit.Console (3.7)
      NUnit.ConsoleRunner (>= 3.7)
      NUnit.Extension.NUnitProjectLoader (>= 3.5)
      NUnit.Extension.NUnitV2Driver (>= 3.6)
      NUnit.Extension.NUnitV2ResultWriter (>= 3.5)
      NUnit.Extension.TeamCityEventListener (>= 1.0.2)
      NUnit.Extension.VSProjectLoader (>= 3.5)
    NUnit.ConsoleRunner (3.7)
    NUnit.Extension.NUnitProjectLoader (3.6)
    NUnit.Extension.NUnitV2Driver (3.7)
    NUnit.Extension.NUnitV2ResultWriter (3.6)
    NUnit.Extension.TeamCityEventListener (1.0.2)
    NUnit.Extension.VSProjectLoader (3.6)
    OctoPack (3.6.3)
    RhinoMocks (3.6.1)
GITHUB
  remote: 15below/Build.Tools
    FULLPROJECT (cec5b14c56caec5571a5c4046e1099eedec7c412)
      Fake
      Nuget.CommandLine (2.8.3)
      NUnit.Console
      OctoPack