REDIRECTS: FORCE
RESTRICTION: == net47
NUGET
  remote: https://www.nuget.org/api/v2
    Antlr3.Runtime (3.5.1)
    EntityFramework (6.2)
    FAKE (4.64.14)
    FluentNHibernate (2.1.2)
      NHibernate (>= 5.1.1)
    FSharp.Core (4.6.1)
    Google.Protobuf (3.6.1)
    Iesi.Collections (4.0.4)
    log4net (2.0.8)
    Microsoft.NETCore.Platforms (2.2)
    Microsoft.SqlServer.Compact (4.0.8876.1)
    MySql.Data (8.0.13)
      Google.Protobuf (>= 3.5.1)
    NETStandard.Library (2.0.3)
      Microsoft.NETCore.Platforms (>= 1.1)
    Newtonsoft.Json (10.0.3)
    NHibernate (5.2.3)
      Antlr3.Runtime (>= 3.5.1 < 4.0)
      Iesi.Collections (>= 4.0.4 < 5.0)
      Remotion.Linq (>= 2.2 < 3.0)
      Remotion.Linq.EagerFetching (>= 2.2 < 3.0)
    NHibernate.JetDriver (2.0.0.1002)
      log4net (>= 2.0.3)
      NHibernate (>= 4.0.0.4000)
    Npgsql (4.0.4)
      System.Runtime.CompilerServices.Unsafe (>= 4.5)
      System.Threading.Tasks.Extensions (>= 4.5.1)
      System.ValueTuple (>= 4.5)
    NuGet.CommandLine (2.8.3)
    NUnit (3.11)
    NUnit.Console (3.9)
      NUnit.ConsoleRunner (>= 3.9)
      NUnit.Extension.NUnitProjectLoader (>= 3.5)
      NUnit.Extension.NUnitV2Driver (>= 3.6)
      NUnit.Extension.NUnitV2ResultWriter (>= 3.5)
      NUnit.Extension.TeamCityEventListener (>= 1.0.3)
      NUnit.Extension.VSProjectLoader (>= 3.8)
    NUnit.ConsoleRunner (3.9)
    NUnit.Extension.NUnitProjectLoader (3.6)
    NUnit.Extension.NUnitV2Driver (3.7)
    NUnit.Extension.NUnitV2ResultWriter (3.6)
    NUnit.Extension.TeamCityEventListener (1.0.5)
    NUnit.Extension.VSProjectLoader (3.8)
    OctoPack (3.6.4)
    Polly (6.1.2)
      NETStandard.Library (>= 1.6.1)
    Remotion.Linq (2.2)
    Remotion.Linq.EagerFetching (2.2)
      Remotion.Linq (>= 2.2)
    RhinoMocks (3.6.1)
    roundhouse.lib (1.0.3)
      FluentNHibernate (>= 2.1.2)
      Iesi.Collections (>= 4.0.4)
      Microsoft.SqlServer.Compact (>= 4.0.8876.1)
      NHibernate (>= 5.1.3)
      NHibernate.JetDriver (>= 2.0.0.1002)
      Npgsql (>= 3.2.7)
      System.Data.SQLite.Core (>= 1.0.109.2)
    System.Configuration.ConfigurationManager (4.5)
      System.Security.Permissions (>= 4.5)
    System.Data.Common (4.3)
    System.Data.SqlClient (4.5.1)
    System.Data.SQLite.Core (1.0.109.2)
    System.Linq (4.3)
    System.Runtime.CompilerServices.Unsafe (4.5.2)
    System.Security.AccessControl (4.5)
      System.Security.Principal.Windows (>= 4.5)
    System.Security.Permissions (4.5)
      System.Security.AccessControl (>= 4.5)
    System.Security.Principal.Windows (4.5.1)
    System.Threading.Tasks.Extensions (4.5.2)
      System.Runtime.CompilerServices.Unsafe (>= 4.5.2)
    System.ValueTuple (4.5)
GITHUB
  remote: 15below/Build.Tools
    FULLPROJECT (929094dede31c56afa3f982a344e6702c3ceb9b2)
      Fake (>= 4.0 < 5.0)
      Nuget.CommandLine (2.8.3)
      NUnit.Console
      OctoPack