REDIRECTS: ON
NUGET
  remote: https://api.nuget.org/v3/index.json
    FAKE (4.50.1)
    NuGet.CommandLine (2.8.3)
    NUnit (2.6.4) - redirects: off
    NUnit.Runners (2.6.4)
    OctoPack (3.5)
    RhinoMocks (3.6)
GITHUB
  remote: 15below/Build.Tools
    FULLPROJECT (3660e7adb3f1729e7b4c5eeb501f28308d9094d1)
      Fake
      Nuget.CommandLine (2.8.3)
      Nunit.Runners
      OctoPack