REDIRECTS: ON
RESTRICTION: == net47
NUGET
  remote: https://www.nuget.org/api/v2
    Antlr3.Runtime (3.5.1)
    EnterpriseLibrary.TransientFaultHandling (6.0.1304)
    EnterpriseLibrary.TransientFaultHandling.Data (6.0.1304.1)
      EnterpriseLibrary.TransientFaultHandling (>= 6.0)
    EntityFramework (6.2)
    FAKE (4.64.13)
    FluentNHibernate (2.1.2)
      NHibernate (>= 5.1.1)
    Iesi.Collections (4.0.4)
    log4net (2.0.8)
    Microsoft.SqlServer.Compact (4.0.8876.1)
    Newtonsoft.Json (11.0.2)
    NHibernate (5.1.3)
      Antlr3.Runtime (>= 3.5.1 < 4.0)
      Iesi.Collections (>= 4.0.4 < 5.0)
      Remotion.Linq (>= 2.1.2 < 3.0)
      Remotion.Linq.EagerFetching (>= 2.1 < 3.0)
    NHibernate.JetDriver (2.0.0.1002)
      log4net (>= 2.0.3)
      NHibernate (>= 4.0.0.4000)
    Npgsql (4.0.2)
      System.Runtime.CompilerServices.Unsafe (>= 4.5)
      System.Threading.Tasks.Extensions (>= 4.5)
      System.ValueTuple (>= 4.5)
    NuGet.CommandLine (2.8.3)
    NUnit (3.10.1)
    NUnit.Console (3.8)
      NUnit.ConsoleRunner (>= 3.8)
      NUnit.Extension.NUnitProjectLoader (>= 3.5)
      NUnit.Extension.NUnitV2Driver (>= 3.6)
      NUnit.Extension.NUnitV2ResultWriter (>= 3.5)
      NUnit.Extension.TeamCityEventListener (>= 1.0.3)
      NUnit.Extension.VSProjectLoader (>= 3.7)
    NUnit.ConsoleRunner (3.8)
    NUnit.Extension.NUnitProjectLoader (3.6)
    NUnit.Extension.NUnitV2Driver (3.7)
    NUnit.Extension.NUnitV2ResultWriter (3.6)
    NUnit.Extension.TeamCityEventListener (1.0.4)
    NUnit.Extension.VSProjectLoader (3.7)
    OctoPack (3.6.3)
    Remotion.Linq (2.2)
    Remotion.Linq.EagerFetching (2.2)
      Remotion.Linq (>= 2.2)
    RhinoMocks (3.6.1)
    roundhouse.lib (0.9.1)
      EnterpriseLibrary.TransientFaultHandling (>= 6.0.1304)
      EnterpriseLibrary.TransientFaultHandling.Data (>= 6.0.1304.1)
      FluentNHibernate (>= 1.3)
      Iesi.Collections (>= 3.3.2.4000)
      Microsoft.SqlServer.Compact (>= 4.0.8876.1)
      NHibernate (>= 3.3.2.4000)
      NHibernate.JetDriver (>= 2.0)
      Npgsql (>= 3.1.1)
      System.Data.SQLite (>= 1.0.105.2)
    System.Data.SQLite (1.0.108)
      System.Data.SQLite.Core (>= 1.0.108)
      System.Data.SQLite.EF6 (>= 1.0.108)
      System.Data.SQLite.Linq (>= 1.0.108)
    System.Data.SQLite.Core (1.0.108)
    System.Data.SQLite.EF6 (1.0.108)
      EntityFramework (>= 6.0)
    System.Data.SQLite.Linq (1.0.108)
    System.Runtime.CompilerServices.Unsafe (4.5.1)
    System.Threading.Tasks.Extensions (4.5.1)
      System.Runtime.CompilerServices.Unsafe (>= 4.5)
    System.ValueTuple (4.5)
GITHUB
  remote: 15below/Build.Tools
    FULLPROJECT (929094dede31c56afa3f982a344e6702c3ceb9b2)
      Fake (>= 4.0 < 5.0)
      Nuget.CommandLine (2.8.3)
      NUnit.Console
      OctoPack